PATH
  remote: .
  specs:
    codeclimate_circle_ci_coverage (0.0.1)
      codeclimate-test-reporter (~> 0)
      simplecov (~> 0)

GEM
  remote: https://rubygems.org/
  specs:
    ast (2.2.0)
    codeclimate-test-reporter (0.5.0)
      simplecov (>= 0.7.1, < 1.0.0)
    docile (1.1.5)
    json (1.8.3)
    parser (2.3.0.6)
      ast (~> 2.2)
    powerpack (0.1.1)
    rainbow (2.1.0)
    rubocop (0.38.0)
      parser (>= 2.3.0.6, < 3.0)
      powerpack (~> 0.1)
      rainbow (>= 1.99.1, < 3.0)
      ruby-progressbar (~> 1.7)
      unicode-display_width (~> 1.0, >= 1.0.1)
    ruby-progressbar (1.7.5)
    simplecov (0.11.2)
      docile (~> 1.1.0)
      json (~> 1.8)
      simplecov-html (~> 0.10.0)
    simplecov-html (0.10.0)
    unicode-display_width (1.0.1)

PLATFORMS
  ruby

DEPENDENCIES
  codeclimate_circle_ci_coverage!
  rubocop (~> 0)

BUNDLED WITH
   1.11.2
